GEM
  remote: https://rubygems.org/
  specs:
    geomotion (0.13.2)
    motion-testflight (1.5)
    rake (10.1.0)
    sugarcube (1.3.5)

PLATFORMS
  ruby

DEPENDENCIES
  geomotion
  motion-testflight
  rake
  sugarcube
